GEM
  remote: https://rubygems.org/
  specs:
    coderay (1.1.2)
    concurrent-ruby (1.1.6)
    mini_portile2 (2.6.1)
    nokogiri (1.12.5)
      mini_portile2 (~> 2.6.1)
      racc (~> 1.4)
    pkg-config (1.4.0)
    racc (1.5.2)
    rouge (3.5.1)

PLATFORMS
  ruby

DEPENDENCIES
  coderay
  concurrent-ruby
  nokogiri
  pkg-config (~> 1.1)
  rouge

BUNDLED WITH
   1.17.3
